PATH
  remote: .
  specs:
    ariki (0.9.0)
      validated_object (~> 2.0.2)

GEM
  remote: https://rubygems.org/
  specs:
    activemodel (6.0.2.1)
      activesupport (= 6.0.2.1)
    activesupport (6.0.2.1)
      concurrent-ruby (~> 1.0, >= 1.0.2)
      i18n (>= 0.7, < 2)
      minitest (~> 5.1)
      tzinfo (~> 1.1)
      zeitwerk (~> 2.2)
    concurrent-ruby (1.1.6)
    i18n (1.8.2)
      concurrent-ruby (~> 1.0)
    minitest (5.14.0)
    rake (13.0.1)
    thread_safe (0.3.6)
    tzinfo (1.2.6)
      thread_safe (~> 0.1)
    validated_object (2.0.2)
      activemodel (>= 3.2.21)
    zeitwerk (2.2.2)

PLATFORMS
  ruby

DEPENDENCIES
  ariki!
  bundler (~> 1.16)
  rake (~> 13.0)

BUNDLED WITH
   2.0.2
