PATH
  remote: .
  specs:
    ariki (0.9.0)

GEM
  remote: https://rubygems.org/
  specs:
    activemodel (6.0.0)
      activesupport (= 6.0.0)
    activesupport (6.0.0)
      concurrent-ruby (~> 1.0, >= 1.0.2)
      i18n (>= 0.7, < 2)
      minitest (~> 5.1)
      tzinfo (~> 1.1)
      zeitwerk (~> 2.1, >= 2.1.8)
    concurrent-ruby (1.1.5)
    i18n (1.7.0)
      concurrent-ruby (~> 1.0)
    minitest (5.12.2)
    rake (10.5.0)
    thread_safe (0.3.6)
    tzinfo (1.2.5)
      thread_safe (~> 0.1)
    validated_object (2.0.2)
      activemodel (>= 3.2.21)
    zeitwerk (2.2.0)

PLATFORMS
  ruby

DEPENDENCIES
  ariki!
  bundler (~> 2.0)
  rake (~> 10.0)
  validated_object

BUNDLED WITH
   2.0.2
